GEM
  remote: https://rubygems.org/
  specs:
    colorize (0.7.5)
    ruby-terminfo (0.1.1)

PLATFORMS
  ruby

DEPENDENCIES
  colorize
  ruby-terminfo
